GEM
  remote: https://rubygems.org/
  specs:
    cassandra (0.18.0)
      json
      rake
      simple_uuid (~> 0.2.0)
      thrift_client (>= 0.7.0, < 0.9)
    cassandra-cql (1.2.1)
      simple_uuid (>= 0.2.0)
      thrift_client (>= 0.7.1, < 0.9)
    coderay (1.0.9)
    diff-lcs (1.2.4)
    ffi (1.9.0)
    formatador (0.2.4)
    guard (1.8.1)
      formatador (>= 0.2.4)
      listen (>= 1.0.0)
      lumberjack (>= 1.0.2)
      pry (>= 0.9.10)
      thor (>= 0.14.6)
    guard-rspec (3.0.2)
      guard (>= 1.8)
      rspec (~> 2.13)
    json (1.8.0)
    listen (1.2.2)
      rb-fsevent (>= 0.9.3)
      rb-inotify (>= 0.9)
      rb-kqueue (>= 0.2)
    lumberjack (1.0.4)
    method_source (0.8.1)
    pry (0.9.12.2)
      coderay (~> 1.0.5)
      method_source (~> 0.8)
      slop (~> 3.4)
    rake (10.1.0)
    rb-fsevent (0.9.3)
    rb-inotify (0.9.0)
      ffi (>= 0.5.0)
    rb-kqueue (0.2.0)
      ffi (>= 0.5.0)
    rspec (2.13.0)
      rspec-core (~> 2.13.0)
      rspec-expectations (~> 2.13.0)
      rspec-mocks (~> 2.13.0)
    rspec-core (2.13.1)
    rspec-expectations (2.13.0)
      diff-lcs (>= 1.1.3, < 2.0)
    rspec-mocks (2.13.1)
    simple_uuid (0.2.0)
    slop (3.4.5)
    thor (0.18.1)
    thrift (0.8.0)
    thrift_client (0.8.4)
      thrift (~> 0.8.0)

PLATFORMS
  ruby

DEPENDENCIES
  cassandra
  cassandra-cql
  guard-rspec
  rspec
